GEM
  remote: http://rubygems.org/
  specs:
    addressable (2.5.2)
      public_suffix (>= 2.0.2, < 4.0)
    backports (3.6.8)
    celluloid (0.15.2)
      timers (~> 1.1.0)
    connection_pool (2.2.1)
    domain_name (0.5.20180417)
      unf (>= 0.0.5, < 1.0.0)
    erubis (2.7.0)
    exifr (1.2.5)
    http-cookie (1.0.3)
      domain_name (~> 0.5)
    json (2.0.3)
    mime-types (3.1)
      mime-types-data (~> 3.2015)
    mime-types-data (3.2016.0521)
    mimemagic (0.3.2)
    mini_magick (4.0.4)
    minitest (5.11.3)
    multi_json (1.12.1)
    netrc (0.11.0)
    public_suffix (3.0.2)
    rack (1.6.5)
    rack-protection (1.5.3)
      rack
    rack-test (0.6.3)
      rack (>= 1.0)
    rake (12.3.1)
    redis (3.3.3)
    redis-namespace (1.5.2)
      redis (~> 3.0, >= 3.0.4)
    rest-client (2.0.2)
      http-cookie (>= 1.0.2, < 2.0)
      mime-types (>= 1.16, < 4.0)
      netrc (~> 0.8)
    sidekiq (3.2.6)
      celluloid (= 0.15.2)
      connection_pool (>= 2.0.0)
      json
      redis (>= 3.0.6)
      redis-namespace (>= 1.3.1)
    sinatra (1.4.8)
      rack (~> 1.5)
      rack-protection (~> 1.4)
      tilt (>= 1.3, < 3)
    sinatra-contrib (1.4.7)
      backports (>= 2.0)
      multi_json
      rack-protection
      rack-test
      sinatra (~> 1.4.0)
      tilt (>= 1.3, < 3)
    sinatra-cross_origin (0.3.2)
    sinatra-reloader (1.0)
      sinatra-contrib
    tilt (2.0.6)
    timers (1.1.0)
    unf (0.1.4)
      unf_ext
    unf_ext (0.0.7.5)

PLATFORMS
  ruby

DEPENDENCIES
  addressable
  erubis
  exifr
  mimemagic
  mini_magick (~> 4.0.3)
  minitest
  rack
  rake
  rest-client
  sidekiq (~> 3.2.5)
  sinatra
  sinatra-cross_origin (~> 0.3.1)
  sinatra-reloader

BUNDLED WITH
   1.16.0
