GEM
  remote: http://rubygems.org/
  specs:
    backports (3.6.8)
    celluloid (0.15.2)
      timers (~> 1.1.0)
    connection_pool (2.2.1)
    exifr (1.2.5)
    json (2.0.3)
    mimemagic (0.3.2)
    mini_magick (4.0.4)
    multi_json (1.12.1)
    netrc (0.7.9)
    rack (1.6.5)
    rack-protection (1.5.3)
      rack
    rack-test (0.6.3)
      rack (>= 1.0)
    redis (3.3.3)
    redis-namespace (1.5.2)
      redis (~> 3.0, >= 3.0.4)
    rest_client (1.8.3)
      netrc (~> 0.7.7)
    sidekiq (3.2.6)
      celluloid (= 0.15.2)
      connection_pool (>= 2.0.0)
      json
      redis (>= 3.0.6)
      redis-namespace (>= 1.3.1)
    sinatra (1.4.8)
      rack (~> 1.5)
      rack-protection (~> 1.4)
      tilt (>= 1.3, < 3)
    sinatra-contrib (1.4.7)
      backports (>= 2.0)
      multi_json
      rack-protection
      rack-test
      sinatra (~> 1.4.0)
      tilt (>= 1.3, < 3)
    sinatra-cross_origin (0.3.2)
    sinatra-reloader (1.0)
      sinatra-contrib
    tilt (2.0.6)
    timers (1.1.0)

PLATFORMS
  ruby

DEPENDENCIES
  exifr
  mimemagic
  mini_magick (~> 4.0.3)
  rack
  rest_client
  sidekiq (~> 3.2.5)
  sinatra
  sinatra-cross_origin (~> 0.3.1)
  sinatra-reloader

BUNDLED WITH
   1.14.3
